GEM
  remote: https://rubygems.org/
  specs:
    erubi (1.7.1)
    rake (12.3.1)
    tilt (2.0.8)

PLATFORMS
  ruby

DEPENDENCIES
  erubi
  rake
  tilt

BUNDLED WITH
   1.16.6
